GEM
  remote: https://rubygems.org/
  specs:
    awesome_print (1.9.2)
    command_mapper (0.3.1)
    mini_portile2 (2.8.4)
    nokogiri (1.13.10)
      mini_portile2 (~> 2.8.0)
      racc (~> 1.4)
    racc (1.7.1)
    ruby-nmap (1.0.2)
      command_mapper (~> 0.3)
      nokogiri (~> 1.3)

PLATFORMS
  ruby

DEPENDENCIES
  awesome_print
  ruby-nmap

BUNDLED WITH
   2.1.4
